PATH
  remote: .
  specs:
    cb-releaseme (0.0.1)
      aws-sdk-v1 (< 2)
      git (~> 1.2.9.1)
      git-version-bump (~> 0.14.0)
      hipchat (~> 1.5)
      jira-ruby (~> 0.1.14)

GEM
  remote: https://rubygems.org/
  specs:
    activesupport (4.2.7.1)
      i18n (~> 0.7)
      json (~> 1.7, >= 1.7.7)
      minitest (~> 5.1)
      thread_safe (~> 0.3, >= 0.3.4)
      tzinfo (~> 1.1)
    aws-sdk-v1 (1.66.0)
      json (~> 1.4)
      nokogiri (>= 1.4.4)
    diff-lcs (1.2.5)
    git (1.2.9.1)
    git-version-bump (0.14.0)
    hipchat (1.5.3)
      httparty
      mimemagic
    httparty (0.14.0)
      multi_xml (>= 0.5.2)
    i18n (0.7.0)
    jira-ruby (0.1.18)
      activesupport
      oauth (~> 0.4.7)
    json (1.8.3)
    mimemagic (0.3.2)
    mini_portile2 (2.1.0)
    minitest (5.9.0)
    multi_xml (0.5.5)
    nokogiri (1.6.8)
      mini_portile2 (~> 2.1.0)
      pkg-config (~> 1.1.7)
    oauth (0.4.7)
    pkg-config (1.1.7)
    rake (11.2.2)
    rspec (3.0.0)
      rspec-core (~> 3.0.0)
      rspec-expectations (~> 3.0.0)
      rspec-mocks (~> 3.0.0)
    rspec-core (3.0.3)
      rspec-support (~> 3.0.0)
    rspec-expectations (3.0.3)
      diff-lcs (>= 1.2.0, < 2.0)
      rspec-support (~> 3.0.0)
    rspec-mocks (3.0.3)
      rspec-support (~> 3.0.0)
    rspec-support (3.0.3)
    thread_safe (0.3.5)
    tzinfo (1.2.2)
      thread_safe (~> 0.1)

PLATFORMS
  ruby

DEPENDENCIES
  cb-releaseme!
  rake
  rspec (~> 3.0.0)

BUNDLED WITH
   1.10.0
